GEM
  remote: https://rubygems.org/
  specs:
    daemons (1.4.1)
    debug (1.4.0)
      irb (>= 1.3.6)
      reline (>= 0.2.7)
    eventmachine (1.2.7)
    io-console (0.5.11)
    irb (1.4.1)
      reline (>= 0.3.0)
    rack (2.2.3)
    reline (0.3.1)
      io-console (~> 0.5)
    thin (1.8.1)
      daemons (~> 1.0, >= 1.0.9)
      eventmachine (~> 1.0, >= 1.0.4)
      rack (>= 1, < 3)

PLATFORMS
  x86_64-linux

DEPENDENCIES
  debug
  thin

BUNDLED WITH
   2.3.7
